GEM
  remote: https://rubygems.org/
  specs:
    addressable (2.3.4)
    haml (4.0.3)
      tilt
    json (1.8.0-java)
    launchy (2.3.0)
      addressable (~> 2.3)
    mime-types (1.23)
    progressbar (0.20.0)
    puma (2.1.1-java)
      rack (>= 1.1, < 2.0)
    rack (1.5.2)
    rack-protection (1.5.0)
      rack
    rake (10.1.0)
    rest-client (1.6.7)
      mime-types (>= 1.16)
    shelly (0.2.28)
      json
      launchy
      progressbar
      rest-client
      wijet-thor (~> 0.14.9)
    sinatra (1.4.3)
      rack (~> 1.4)
      rack-protection (~> 1.4)
      tilt (~> 1.3, >= 1.3.4)
    tilt (1.4.1)
    wijet-thor (0.14.9)

PLATFORMS
  java

DEPENDENCIES
  haml
  puma
  rake
  shelly
  sinatra
