GEM
  remote: https://rubygems.org/
  specs:
    addressable (2.3.3)
    ffi (1.6.0-java)
    haml (4.0.1)
      tilt
    json (1.7.7)
    json (1.7.7-java)
    launchy (2.2.0)
      addressable (~> 2.3)
    launchy (2.2.0-java)
      addressable (~> 2.3)
      spoon (~> 0.0.1)
    mime-types (1.22)
    progressbar (0.20.0)
    puma (2.0.0.b7)
      rack (>= 1.1, < 2.0)
    puma (2.0.0.b7-java)
      rack (>= 1.1, < 2.0)
    rack (1.5.2)
    rack-protection (1.5.0)
      rack
    rake (10.0.4)
    rest-client (1.6.7)
      mime-types (>= 1.16)
    shelly (0.2.16)
      json
      launchy
      progressbar
      rest-client
      wijet-thor (~> 0.14.9)
    sinatra (1.4.2)
      rack (~> 1.5, >= 1.5.2)
      rack-protection (~> 1.4)
      tilt (~> 1.3, >= 1.3.4)
    spoon (0.0.3)
      ffi
    tilt (1.3.6)
    wijet-thor (0.14.9)

PLATFORMS
  java

DEPENDENCIES
  haml
  puma (~> 2.0.0.b7)
  rake
  shelly
  sinatra
